PATH
  remote: .
  specs:
    ckb-sdk-ruby (0.24.0)
      bitcoin-secp256k1 (~> 0.5.2)
      net-http-persistent (~> 3.0.0)
      rbnacl (~> 6.0, >= 6.0.1)

GEM
  remote: https://rubygems.org/
  specs:
    ast (2.4.0)
    bitcoin-secp256k1 (0.5.2)
      ffi (>= 1.9.25)
    citrus (3.0.2)
    coderay (1.1.2)
    connection_pool (2.2.2)
    diff-lcs (1.3)
    ffi (1.11.1)
    jaro_winkler (1.5.2)
    method_source (0.9.2)
    net-http-persistent (3.0.1)
      connection_pool (~> 2.2)
    parallel (1.17.0)
    parser (2.6.3.0)
      ast (~> 2.4.0)
    pry (0.12.2)
      coderay (~> 1.1.0)
      method_source (~> 0.9.0)
    rainbow (3.0.0)
    rake (10.5.0)
    rbnacl (6.0.1)
      ffi
    rspec (3.9.0)
      rspec-core (~> 3.9.0)
      rspec-expectations (~> 3.9.0)
      rspec-mocks (~> 3.9.0)
    rspec-core (3.9.0)
      rspec-support (~> 3.9.0)
    rspec-expectations (3.9.0)
      diff-lcs (>= 1.2.0, < 2.0)
      rspec-support (~> 3.9.0)
    rspec-mocks (3.9.0)
      diff-lcs (>= 1.2.0, < 2.0)
      rspec-support (~> 3.9.0)
    rspec-support (3.9.0)
    rubocop (0.69.0)
      jaro_winkler (~> 1.5.1)
      parallel (~> 1.10)
      parser (>= 2.6)
      rainbow (>= 2.2.2, < 4.0)
      ruby-progressbar (~> 1.7)
      unicode-display_width (>= 1.4.0, < 1.7)
    ruby-progressbar (1.10.1)
    toml-rb (2.0.0)
      citrus (~> 3.0, > 3.0)
    unicode-display_width (1.6.0)

PLATFORMS
  ruby

DEPENDENCIES
  bundler (~> 2.0)
  ckb-sdk-ruby!
  pry (~> 0.12.2)
  rake (~> 10.0)
  rspec (~> 3.0)
  rubocop (~> 0.69.0)
  toml-rb (~> 2.0.0)

RUBY VERSION
   ruby 2.6.3p62

BUNDLED WITH
   2.0.1
